GEM
  remote: https://rubygems.org/
  specs:
    bloopsaphone (0.4)
    httparty (0.12.0)
      json (~> 1.8)
      multi_xml (>= 0.5.2)
    json (1.8.1)
    multi_xml (0.5.5)

PLATFORMS
  ruby

DEPENDENCIES
  bloopsaphone
  httparty
